GEM
  remote: https://rubygems.org/
  specs:
    daemons (1.1.9)
    eventmachine (1.0.3)
    haml (4.0.5)
      tilt
    hiredis (0.4.5)
    i18n (0.6.9)
    mixlib-cli (1.4.0)
    rack (1.5.2)
    rack-protection (1.5.3)
      rack
    redis (3.0.7)
    redmon (0.0.10)
      eventmachine
      haml
      hiredis (~> 0.4.0)
      i18n
      mixlib-cli
      rack
      redis (>= 2.2.2)
      sinatra (>= 1.2.6)
      thin (~> 1.5.1)
    sinatra (1.4.5)
      rack (~> 1.4)
      rack-protection (~> 1.4)
      tilt (~> 1.3, >= 1.3.4)
    thin (1.5.1)
      daemons (>= 1.0.9)
      eventmachine (>= 0.12.6)
      rack (>= 1.0.0)
    tilt (1.4.1)

PLATFORMS
  ruby

DEPENDENCIES
  redmon
  sinatra
